GEM
  remote: https://rubygems.org/
  specs:
    backports (3.18.2)
    bcrypt (3.1.16)
    chartkick (3.4.2)
    erubis (2.7.0)
    multi_json (1.15.0)
    nio4r (2.5.4)
    pg (1.2.3)
    puma (5.1.1)
      nio4r (~> 2.0)
    rack (1.6.13)
    rack-protection (1.5.5)
      rack
    rack-test (1.1.0)
      rack (>= 1.0, < 3)
    securerandom (0.1.0)
    sinatra (1.4.8)
      rack (~> 1.5)
      rack-protection (~> 1.4)
      tilt (>= 1.3, < 3)
    sinatra-contrib (1.4.7)
      backports (>= 2.0)
      multi_json
      rack-protection
      rack-test
      sinatra (~> 1.4.0)
      tilt (>= 1.3, < 3)
    tilt (2.0.10)

PLATFORMS
  ruby

DEPENDENCIES
  bcrypt
  chartkick
  erubis
  pg
  puma
  securerandom
  sinatra (~> 1.4.7)
  sinatra-contrib

RUBY VERSION
   ruby 2.5.1p57

BUNDLED WITH
   1.16.1
